GEM
  remote: https://rubygems.org/
  specs:
    RedCloth (4.2.9)
    actionmailer (4.0.0.beta1)
      actionpack (= 4.0.0.beta1)
      mail (~> 2.5.3)
    actionpack (4.0.0.beta1)
      activesupport (= 4.0.0.beta1)
      builder (~> 3.1.0)
      erubis (~> 2.7.0)
      rack (~> 1.5.2)
      rack-test (~> 0.6.2)
    activemodel (4.0.0.beta1)
      activesupport (= 4.0.0.beta1)
      builder (~> 3.1.0)
    activerecord (4.0.0.beta1)
      activemodel (= 4.0.0.beta1)
      activerecord-deprecated_finders (~> 0.0.3)
      activesupport (= 4.0.0.beta1)
      arel (~> 4.0.0.beta1)
    activerecord-deprecated_finders (0.0.3)
    activerecord-postgis-adapter (0.6.2)
      rgeo-activerecord (~> 0.5.0)
    activesupport (4.0.0.beta1)
      i18n (~> 0.6.2)
      minitest (~> 4.2)
      multi_json (~> 1.3)
      thread_safe (~> 0.1)
      tzinfo (~> 0.3.33)
    arel (4.0.0.beta2)
    atomic (1.0.1)
    authpwn_rails (0.14.0)
      fbgraph_rails (>= 0.2.2)
      rails (>= 3.2.12)
    better_errors (0.7.2)
      coderay (>= 1.0.0)
      erubis (>= 2.6.6)
    binding_of_caller (0.7.1)
      debug_inspector (>= 0.0.1)
    builder (3.1.4)
    coderay (1.0.9)
    coffee-rails (4.0.0.beta1)
      coffee-script (>= 2.2.0)
      railties (>= 4.0.0.beta, < 5.0)
    coffee-script (2.2.0)
      coffee-script-source
      execjs
    coffee-script-source (1.6.1)
    columnize (0.3.6)
    creole (0.5.0)
    debug_inspector (0.0.2)
    debugger (1.5.0)
      columnize (>= 0.3.1)
      debugger-linecache (~> 1.2.0)
      debugger-ruby_core_source (~> 1.2.0)
    debugger-linecache (1.2.0)
    debugger-ruby_core_source (1.2.0)
    erubis (2.7.0)
    execjs (1.4.0)
      multi_json (~> 1.0)
    expression_parser (0.9.0)
    faraday (0.8.6)
      multipart-post (~> 1.1)
    fbgraph (1.10.0)
      activesupport
      faraday (>= 0.7.5)
      hashie (>= 1.0.0)
      i18n
      json (>= 1.0.0)
      oauth2 (>= 0.5.0)
      rest-client
    fbgraph_rails (0.2.2)
      erubis (>= 2.7.0)
      fbgraph (>= 1.8.3)
      json (>= 1.6.1)
      oauth2 (>= 0.5.0)
      rails (>= 3.1.0)
    foreman (0.62.0)
      thor (>= 0.13.6)
    github-markup (0.7.5)
    hashie (2.0.2)
    hike (1.2.1)
    httpauth (0.2.0)
    i18n (0.6.4)
    jbuilder (1.0.2)
      activesupport (>= 3.0.0)
    jquery-rails (2.2.1)
      railties (>= 3.0, < 5.0)
      thor (>= 0.14, < 2.0)
    json (1.7.7)
    jwt (0.1.8)
      multi_json (>= 1.5)
    kgio (2.8.0)
    libv8 (3.11.8.13)
    mail (2.5.3)
      i18n (>= 0.4.0)
      mime-types (~> 1.16)
      treetop (~> 1.4.8)
    markdpwn (0.1.5)
      RedCloth (>= 4.2.9)
      creole (>= 0.4.2)
      github-markup (>= 0.7.4)
      org-ruby (>= 0.7.1)
      pygments.rb (>= 0.3.0)
      rdoc (>= 3.12)
      redcarpet (>= 2.1.1)
      wikicloth (>= 0.8.0)
    mime-types (1.21)
    minitest (4.6.2)
    multi_json (1.7.0)
    multi_xml (0.5.3)
    multipart-post (1.2.0)
    oauth2 (0.9.1)
      faraday (~> 0.8)
      httpauth (~> 0.1)
      jwt (~> 0.1.4)
      multi_json (~> 1.0)
      multi_xml (~> 0.5)
      rack (~> 1.2)
    openlayers-rails (0.0.3)
      railties (>= 3.1)
    org-ruby (0.8.1)
      rubypants (>= 0.2.0)
    pg (0.14.1)
    polyglot (0.3.3)
    posix-spawn (0.3.6)
    pygments.rb (0.4.2)
      posix-spawn (~> 0.3.6)
      yajl-ruby (~> 1.1.0)
    rack (1.5.2)
    rack-test (0.6.2)
      rack (>= 1.0)
    rails (4.0.0.beta1)
      actionmailer (= 4.0.0.beta1)
      actionpack (= 4.0.0.beta1)
      activerecord (= 4.0.0.beta1)
      activesupport (= 4.0.0.beta1)
      bundler (>= 1.3.0, < 2.0)
      railties (= 4.0.0.beta1)
      sprockets-rails (~> 2.0.0.rc3)
    railties (4.0.0.beta1)
      actionpack (= 4.0.0.beta1)
      activesupport (= 4.0.0.beta1)
      rake (>= 0.8.7)
      rdoc (~> 3.4)
      thor (>= 0.17.0, < 2.0)
    raindrops (0.10.0)
    rake (10.0.3)
    rdoc (3.12.2)
      json (~> 1.4)
    redcarpet (2.2.2)
    ref (1.0.2)
    rest-client (1.6.7)
      mime-types (>= 1.16)
    rgeo (0.3.20)
    rgeo-activerecord (0.5.0)
      activerecord (>= 3.0.3)
      arel (>= 2.0.6)
      rgeo (>= 0.3.20)
    rice (1.4.3)
    ruby_mapnik (0.1.5)
      rice (>= 1.4.2)
    rubypants (0.2.0)
    sass (3.2.7)
    sass-rails (4.0.0.beta1)
      railties (>= 4.0.0.beta, < 5.0)
      sass (>= 3.1.10)
      sprockets-rails (~> 2.0.0.rc0)
      tilt (~> 1.3)
    sprockets (2.9.0)
      hike (~> 1.2)
      multi_json (~> 1.0)
      rack (~> 1.0)
      tilt (~> 1.1, != 1.3.0)
    sprockets-rails (2.0.0.rc3)
      actionpack (>= 3.0)
      activesupport (>= 3.0)
      sprockets (~> 2.8)
    therubyracer (0.11.4)
      libv8 (~> 3.11.8.12)
      ref
    thor (0.17.0)
    thread_safe (0.1.0)
      atomic
    tilt (1.3.6)
    treetop (1.4.12)
      polyglot
      polyglot (>= 0.3.1)
    tzinfo (0.3.37)
    uglifier (1.3.0)
      execjs (>= 0.3.0)
      multi_json (~> 1.0, >= 1.0.2)
    unicorn (4.6.2)
      kgio (~> 2.6)
      rack
      raindrops (~> 0.7)
    wikicloth (0.8.0)
      builder
      expression_parser
    yajl-ruby (1.1.0)
    zurb-foundation (4.0.8)
      sass (>= 3.2.0)

PLATFORMS
  ruby

DEPENDENCIES
  activerecord-postgis-adapter (>= 0.6.2)
  authpwn_rails (>= 0.14.0)
  better_errors
  binding_of_caller
  coffee-rails (~> 4.0.0.beta1)
  coffee-script-source (>= 1.6.1)
  debugger
  foreman (>= 0.62.0)
  jbuilder (~> 1.0.1)
  jquery-rails
  libv8 (>= 3.11.8.13)
  markdpwn (>= 0.1.5)
  openlayers-rails (>= 0.0.3)
  pg
  rails (>= 4.0.0.beta1)
  ruby_mapnik (>= 0.1.5)
  sass-rails (~> 4.0.0.beta1)
  therubyracer (>= 0.11.4)
  uglifier (>= 1.0.3)
  unicorn (>= 4.6.2)
  zurb-foundation (>= 4.0.8)
